GEM
  remote: http://rubygems.org/
  specs:
    maruku (0.7.3)

PLATFORMS
  universal-darwin-18

DEPENDENCIES
  maruku

BUNDLED WITH
   2.2.25
